GIT
  remote: git://github.com/BrandyMint/capistrano-recipes0.git
  revision: 3049e63b43ef95461aa4669697c37b92635e7943
  specs:
    capistrano-recipes0 (1.1.3)
      capistrano (>= 2.0.0)

GIT
  remote: git://github.com/airbrake/airbrake.git
  revision: 34e85e51a4f376ea353dd68f285222b76fe339c5
  specs:
    airbrake (3.1.12)
      activesupport
      builder
      json

GIT
  remote: git://github.com/andi/simple-navigation.git
  revision: 04315d6dd5a1bde7d02e4c49d89a90a283c67a31
  specs:
    simple-navigation (3.10.1)
      activesupport (>= 2.3.2)

GIT
  remote: git://github.com/milgner/compass-rails.git
  revision: 1749c06f15dc4b058427e7969810457213647fb8
  ref: 1749c06f15dc4b058427e7969810457213647fb8
  specs:
    compass-rails (1.0.3)
      compass (>= 0.12.2, < 0.14)

GIT
  remote: git://github.com/plataformatec/simple_form.git
  revision: 1da255ee39f7b03a6117c7d6b29a4530f34f57df
  specs:
    simple_form (3.0.0.rc)
      actionpack (>= 4.0.0.rc1, < 4.1)
      activemodel (>= 4.0.0.rc1, < 4.1)

GIT
  remote: git://github.com/rails/coffee-rails.git
  revision: cbc4a6f571e87f68d272b9a377db3fb3307464ab
  specs:
    coffee-rails (4.0.0)
      coffee-script (>= 2.2.0)
      railties (>= 4.0.0.beta, < 5.0)

GIT
  remote: git://github.com/rails/sass-rails.git
  revision: 33799418f104c961b1ce41452e77cf1e04930755
  specs:
    sass-rails (4.0.0.rc1)
      railties (>= 4.0.0.beta, < 5.0)
      sass (>= 3.1.10)
      sprockets-rails (~> 2.0.0.rc4)

GIT
  remote: git://github.com/rails/sprockets-rails.git
  revision: 733fedff9da3997f1b98760b948114255f53860b
  specs:
    sprockets-rails (2.0.0.rc4)
      actionpack (>= 3.0)
      activesupport (>= 3.0)
      sprockets (~> 2.8)

GEM
  remote: https://rubygems.org/
  specs:
    actionmailer (4.0.0.rc1)
      actionpack (= 4.0.0.rc1)
      mail (~> 2.5.3)
    actionpack (4.0.0.rc1)
      activesupport (= 4.0.0.rc1)
      builder (~> 3.1.0)
      erubis (~> 2.7.0)
      rack (~> 1.5.2)
      rack-test (~> 0.6.2)
    active_attr (0.8.0)
      activemodel (>= 3.0.2, < 4.1)
      activesupport (>= 3.0.2, < 4.1)
    active_link_to (1.0.1)
      actionpack
    activemodel (4.0.0.rc1)
      activesupport (= 4.0.0.rc1)
      builder (~> 3.1.0)
    activerecord (4.0.0.rc1)
      activemodel (= 4.0.0.rc1)
      activerecord-deprecated_finders (~> 1.0.2)
      activesupport (= 4.0.0.rc1)
      arel (~> 4.0.0)
    activerecord-deprecated_finders (1.0.2)
    activesupport (4.0.0.rc1)
      i18n (~> 0.6, >= 0.6.4)
      minitest (~> 4.2)
      multi_json (~> 1.3)
      thread_safe (~> 0.1)
      tzinfo (~> 0.3.37)
    addressable (2.3.4)
    ansi (1.4.3)
    arel (4.0.0)
    atomic (1.1.9)
    authority (2.5.0)
      rails (>= 3.0.0)
    awesome_print (1.1.0)
    better_errors (0.9.0)
      coderay (>= 1.0.0)
      erubis (>= 2.6.6)
    binding_of_caller (0.7.1)
      debug_inspector (>= 0.0.1)
    bond (0.4.3)
    bootstrap-sass (2.3.1.2)
      sass (~> 3.2)
    builder (3.1.4)
    callsite (0.0.11)
    capistrano (2.15.4)
      highline
      net-scp (>= 1.0.0)
      net-sftp (>= 2.0.0)
      net-ssh (>= 2.0.14)
      net-ssh-gateway (>= 1.1.0)
    capistrano-platform-resources (0.1.3)
      capistrano (< 3)
    capistrano-rbenv (1.0.5)
      capistrano (< 3)
      capistrano-platform-resources (>= 0.1.3)
    capybara (2.1.0)
      mime-types (>= 1.16)
      nokogiri (>= 1.3.3)
      rack (>= 1.0.0)
      rack-test (>= 0.5.4)
      xpath (~> 2.0)
    capybara-screenshot (0.3.6)
      capybara (>= 1.0, < 3)
    childprocess (0.3.9)
      ffi (~> 1.0, >= 1.0.11)
    choice (0.1.6)
    chunky_png (1.2.8)
    coderay (1.0.9)
    coffee-script (2.2.0)
      coffee-script-source
      execjs
    coffee-script-source (1.6.2)
    commands (0.2.1)
      rails (>= 3.2.0)
    compass (0.12.2)
      chunky_png (~> 1.2)
      fssm (>= 0.2.7)
      sass (~> 3.1)
    cucumber (1.3.2)
      builder (>= 2.1.2)
      diff-lcs (>= 1.1.3)
      gherkin (~> 2.12.0)
      multi_json (~> 1.3)
    cucumber-rails (1.3.0)
      capybara (>= 1.1.2)
      cucumber (>= 1.1.8)
      nokogiri (>= 1.5.0)
    daemons (1.1.9)
    database_cleaner (1.0.1)
    debug_inspector (0.0.2)
    diff-lcs (1.2.4)
    diffy (2.1.4)
    dotenv (0.7.0)
    em-websocket (0.5.0)
      eventmachine (>= 0.12.9)
      http_parser.rb (~> 0.5.3)
    email_spec (1.4.0)
      launchy (~> 2.1)
      mail (~> 2.2)
    erubis (2.7.0)
    eventmachine (1.0.3)
    execjs (1.4.0)
      multi_json (~> 1.0)
    factory_girl (4.2.0)
      activesupport (>= 3.0.0)
    factory_girl_rails (4.2.1)
      factory_girl (~> 4.2.0)
      railties (>= 3.0.0)
    fakeredis (0.4.2)
      redis (~> 3.0.0)
    faye-websocket (0.4.7)
      eventmachine (>= 0.12.0)
    ffi (1.8.1)
    foreman (0.63.0)
      dotenv (>= 0.7)
      thor (>= 0.13.6)
    formatador (0.2.4)
    fssm (0.2.10)
    gherkin (2.12.0)
      multi_json (~> 1.3)
    grit (2.5.0)
      diff-lcs (~> 1.1)
      mime-types (~> 1.15)
      posix-spawn (~> 0.3.6)
    guard (1.8.0)
      formatador (>= 0.2.4)
      listen (>= 1.0.0)
      lumberjack (>= 1.0.2)
      pry (>= 0.9.10)
      thor (>= 0.14.6)
    guard-bundler (1.0.0)
      bundler (~> 1.0)
      guard (~> 1.1)
    guard-ctags-bundler (0.1.6)
      guard (>= 1.1)
    guard-cucumber (1.4.0)
      cucumber (>= 1.2.0)
      guard (>= 1.1.0)
    guard-livereload (1.4.0)
      em-websocket (>= 0.5.0)
      guard (>= 1.8.0)
      multi_json (~> 1.7)
    guard-rails (0.4.3)
      guard (>= 0.2.2)
    guard-rspec (3.0.0)
      guard (>= 1.8)
      rspec (~> 2.13)
    guard-spork (1.5.0)
      childprocess (>= 0.2.3)
      guard (>= 1.1)
      spork (>= 0.8.4)
    haml (4.0.3)
      tilt
    haml-rails (0.4)
      actionpack (>= 3.1, < 4.1)
      activesupport (>= 3.1, < 4.1)
      haml (>= 3.1, < 4.1)
      railties (>= 3.1, < 4.1)
    has_scope (0.5.1)
    hashie (2.0.5)
    highline (1.6.19)
    hike (1.2.2)
    holepicker (0.3.1)
      json (>= 1.7.7)
      rainbow (>= 1.1.4)
    hpricot (0.8.6)
    http_parser.rb (0.5.3)
    i18n (0.6.4)
    inherited_resources (1.3.1)
      has_scope (~> 0.5.0)
      responders (~> 0.6)
    jbuilder (1.0.2)
      activesupport (>= 3.0.0)
    jist (1.5.1)
      json
    jquery-rails (2.2.1)
      railties (>= 3.0, < 5.0)
      thor (>= 0.14, < 2.0)
    jquery-turbolinks (1.0.0)
      railties (>= 3.1.0)
      turbolinks
    json (1.8.0)
    kaminari (0.14.1)
      actionpack (>= 3.0.0)
      activesupport (>= 3.0.0)
    kaminari-bootstrap (0.1.3)
      kaminari (>= 0.13.0)
      rails
    kgio (2.8.0)
    launchy (2.3.0)
      addressable (~> 2.3)
    listen (1.1.3)
      rb-fsevent (>= 0.9.3)
      rb-inotify (>= 0.9)
      rb-kqueue (>= 0.2)
    lumberjack (1.0.3)
    mail (2.5.4)
      mime-types (~> 1.16)
      treetop (~> 1.4.8)
    mailcatcher (0.2.4)
      eventmachine
      haml
      i18n
      json
      mail
      sinatra
      skinny (>= 0.1.2)
      sqlite3-ruby
      thin
    meta_request (0.2.6)
      callsite
      rack-contrib
      railties
    method_source (0.8.1)
    mime-types (1.23)
    minitest (4.7.4)
    mono_logger (1.1.0)
    multi_json (1.7.4)
    net-scp (1.1.1)
      net-ssh (>= 2.6.5)
    net-sftp (2.1.2)
      net-ssh (>= 2.6.5)
    net-ssh (2.6.7)
    net-ssh-gateway (1.2.0)
      net-ssh (>= 2.6.5)
    nokogiri (1.5.9)
    pg (0.15.1)
    pg_array_parser (0.0.8)
    poltergeist (1.3.0)
      capybara (~> 2.1.0)
      faye-websocket (>= 0.4.4, < 0.5.0)
      http_parser.rb (~> 0.5.3)
    polyglot (0.3.3)
    posix-spawn (0.3.6)
    pry (0.9.12.2)
      coderay (~> 1.0.5)
      method_source (~> 0.8)
      slop (~> 3.4)
    pry-developer_tools (0.1.1)
      pry (>= 0.9.8.pre, < 0.11)
    pry-doc (0.4.6)
      pry (>= 0.9)
      yard (>= 0.8)
    pry-docmore (0.1.1)
      pry
      pry-doc
    pry-git (0.2.3)
      diffy
      grit
      pry (>= 0.9.8)
    pry-highlight (0.0.1)
      coderay
      json
      nokogiri
      pry
    pry-nav (0.2.3)
      pry (~> 0.9.10)
    pry-pretty-numeric (0.1.1)
      pry
    pry-rails (0.3.0)
      pry (>= 0.9.10)
    pry-remote (0.1.7)
      pry (~> 0.9)
      slop (~> 3.0)
    pry-stack_explorer (0.4.9)
      binding_of_caller (>= 0.7)
      pry (~> 0.9.11)
    pry-syntax-hacks (0.0.6)
      pry (>= 0.9.8)
    pry-theme (0.2.0)
      json
    quiet_assets (1.0.2)
      railties (>= 3.1, < 5.0)
    rack (1.5.2)
    rack-contrib (1.1.0)
      rack (>= 0.9.1)
    rack-protection (1.5.0)
      rack
    rack-test (0.6.2)
      rack (>= 1.0)
    rails (4.0.0.rc1)
      actionmailer (= 4.0.0.rc1)
      actionpack (= 4.0.0.rc1)
      activerecord (= 4.0.0.rc1)
      activesupport (= 4.0.0.rc1)
      bundler (>= 1.3.0, < 2.0)
      railties (= 4.0.0.rc1)
      sprockets-rails (~> 2.0.0.rc4)
    rails-env-switcher (0.2.3)
      rails (>= 3.0.0)
    rails-erd (1.1.0)
      activerecord (>= 3.0)
      activesupport (>= 3.0)
      choice (~> 0.1.6)
      ruby-graphviz (~> 1.0.4)
    railties (4.0.0.rc1)
      actionpack (= 4.0.0.rc1)
      activesupport (= 4.0.0.rc1)
      rake (>= 0.8.7)
      thor (>= 0.18.1, < 2.0)
    rainbow (1.1.4)
    raindrops (0.11.0)
    rake (10.0.4)
    rb-fsevent (0.9.3)
    rb-inotify (0.9.0)
      ffi (>= 0.5.0)
    rb-kqueue (0.2.0)
      ffi (>= 0.5.0)
    rdoc (3.12.2)
      json (~> 1.4)
    recipient_interceptor (0.1.1)
      mail
    redis (3.0.4)
    redis-namespace (1.3.0)
      redis (~> 3.0.0)
    responders (0.6.5)
    resque (1.24.1)
      mono_logger (~> 1.0)
      multi_json (~> 1.0)
      redis-namespace (~> 1.2)
      sinatra (>= 0.9.2)
      vegas (~> 0.1.2)
    resque_spec (0.13.0)
      resque (>= 1.19.0)
      rspec (>= 2.5.0)
    rspec (2.13.0)
      rspec-core (~> 2.13.0)
      rspec-expectations (~> 2.13.0)
      rspec-mocks (~> 2.13.0)
    rspec-console (0.2.3)
      rails-env-switcher
    rspec-core (2.13.1)
    rspec-expectations (2.13.0)
      diff-lcs (>= 1.1.3, < 2.0)
    rspec-mocks (2.13.1)
    rspec-prof (0.0.3)
      rspec
      ruby-prof
      sc-core-ext (>= 1.2.1)
    rspec-rails (2.13.2)
      actionpack (>= 3.0)
      activesupport (>= 3.0)
      railties (>= 3.0)
      rspec-core (~> 2.13.0)
      rspec-expectations (~> 2.13.0)
      rspec-mocks (~> 2.13.0)
    ruby-graphviz (1.0.9)
    ruby-prof (0.13.0)
    ruby_gntp (0.3.4)
    ruby_parser (3.1.3)
      sexp_processor (~> 4.1)
    sass (3.2.9)
    sc-core-ext (1.2.1)
      activesupport (>= 2.3.5)
    sdoc (0.3.20)
      json (>= 1.1.3)
      rdoc (~> 3.10)
    semver2 (3.1.2)
    settingslogic (2.0.9)
    sexp_processor (4.2.1)
    simple-navigation-bootstrap (0.0.4)
      simple-navigation (>= 3.7.0)
    simplecov (0.7.1)
      multi_json (~> 1.0)
      simplecov-html (~> 0.7.1)
    simplecov-html (0.7.1)
    simplecov-rcov (0.2.3)
      simplecov (>= 0.4.1)
    sinatra (1.4.2)
      rack (~> 1.5, >= 1.5.2)
      rack-protection (~> 1.4)
      tilt (~> 1.3, >= 1.3.4)
    skinny (0.2.3)
      eventmachine (~> 1.0.0)
      thin (~> 1.5.0)
    slop (3.4.5)
    spork (0.9.2)
    sprockets (2.10.0)
      hike (~> 1.2)
      multi_json (~> 1.0)
      rack (~> 1.0)
      tilt (~> 1.1, != 1.3.0)
    sqlite3 (1.3.7)
    sqlite3-ruby (1.3.3)
      sqlite3 (>= 1.3.3)
    thin (1.5.1)
      daemons (>= 1.0.9)
      eventmachine (>= 0.12.6)
      rack (>= 1.0.0)
    thor (0.18.1)
    thread_safe (0.1.0)
      atomic
    tilt (1.4.1)
    treetop (1.4.12)
      polyglot
      polyglot (>= 0.3.1)
    turbolinks (1.1.1)
      coffee-rails
    turn (0.9.6)
      ansi
    tzinfo (0.3.37)
    uglifier (1.3.0)
      execjs (>= 0.3.0)
      multi_json (~> 1.0, >= 1.0.2)
    unicorn (4.6.2)
      kgio (~> 2.6)
      rack
      raindrops (~> 0.7)
    validates (0.0.8)
      activemodel (>= 3.0.0)
      activesupport (>= 3.0.0)
    vegas (0.1.11)
      rack (>= 1.0.0)
    xpath (2.0.0)
      nokogiri (~> 1.3)
    yard (0.8.6.1)

PLATFORMS
  ruby

DEPENDENCIES
  active_attr
  active_link_to
  airbrake!
  authority
  awesome_print
  better_errors
  binding_of_caller
  bond
  bootstrap-sass
  capistrano
  capistrano-rbenv
  capistrano-recipes0 (>= 1.1.0)!
  capybara
  capybara-screenshot
  coffee-rails!
  commands
  compass-rails!
  cucumber-rails (>= 1.3.0)
  database_cleaner
  email_spec (>= 1.2.1)
  factory_girl_rails
  fakeredis
  foreman
  guard
  guard-bundler
  guard-ctags-bundler
  guard-cucumber
  guard-livereload
  guard-rails
  guard-rspec
  guard-spork
  haml-rails
  hashie
  holepicker
  hpricot (>= 0.8.6)
  inherited_resources
  jbuilder (~> 1.0.1)
  jist
  jquery-rails
  jquery-turbolinks
  kaminari
  kaminari-bootstrap
  launchy (>= 2.1.2)
  mailcatcher
  meta_request
  pg
  pg_array_parser
  poltergeist
  pry-developer_tools
  pry-doc
  pry-docmore
  pry-git
  pry-highlight
  pry-nav
  pry-pretty-numeric
  pry-rails
  pry-remote
  pry-stack_explorer
  pry-syntax-hacks
  pry-theme
  quiet_assets
  rails (= 4.0.0.rc1)
  rails-erd
  rb-fsevent (~> 0.9.1)
  rb-inotify (~> 0.9)
  recipient_interceptor
  resque_spec
  rspec-console
  rspec-prof
  rspec-rails (>= 2.11.0)
  ruby-graphviz
  ruby_gntp
  ruby_parser (>= 2.3.1)
  sass-rails!
  sdoc
  semver2
  settingslogic
  simple-navigation!
  simple-navigation-bootstrap
  simple_form!
  simplecov
  simplecov-rcov
  sprockets-rails!
  turbolinks
  turn
  uglifier (~> 1.3)
  unicorn
  validates
